GEM
  remote: https://rubygems.org/
  specs:
    chronic (0.10.2)
    colorize (0.8.1)
    faker (1.6.5)
      i18n (~> 0.5)
    i18n (0.7.0)

PLATFORMS
  x86-mingw32

DEPENDENCIES
  chronic (~> 0.10.2)
  colorize (~> 0.8.1)
  faker (~> 1.6.5)
