GEM
  remote: https://rubygems.org/
  specs:
    chronic (0.10.2)
    colorize (0.8.1)

PLATFORMS
  x86-mingw32

DEPENDENCIES
  chronic (~> 0.10.2)
  colorize (~> 0.8.1)
